GEM
  remote: http://rubygems.org/
  specs:
    uuidtools (2.1.1)

PLATFORMS
  java

DEPENDENCIES
  uuidtools
