GEM
  remote: http://rubygems.org/
  specs:
    bouncy-castle-java (1.5.0145.2)
    crack (0.1.8)
    hashie (0.4.0)
    httparty (0.6.1)
      crack (= 0.1.8)
    jruby-openssl (0.7.1)
      bouncy-castle-java
    multi_json (0.0.5)
    oauth (0.4.4)
    twitter (0.9.12)
      hashie (~> 0.4.0)
      httparty (~> 0.6.1)
      multi_json (~> 0.0.4)
      oauth (~> 0.4.3)
    uuidtools (2.1.1)

PLATFORMS
  java

DEPENDENCIES
  jruby-openssl (= 0.7.1)
  twitter (= 0.9.12)
  uuidtools
